GEM
  remote: https://rubygems.org/
  specs:
    benchmark-ips (2.7.2)
    liquid (4.0.0)

PLATFORMS
  ruby

DEPENDENCIES
  benchmark-ips
  liquid (>= 4.0.0)

BUNDLED WITH
   1.13.7
